GEM
  remote: https://rubygems.org/
  specs:
    columnize (0.3.6)
    debugger (1.6.5)
      columnize (>= 0.3.1)
      debugger-linecache (~> 1.2.0)
      debugger-ruby_core_source (~> 1.3.1)
    debugger-linecache (1.2.0)
    debugger-ruby_core_source (1.3.1)
    docusign_rest (0.1.1)
      json
      multipart-post (>= 1.2)
    json (1.8.1)
    multipart-post (2.0.0)

PLATFORMS
  ruby

DEPENDENCIES
  debugger
  docusign_rest
